GEM
  remote: https://rubygems.org/
  specs:
    builder (3.2.3)
    coffee-script (2.4.1)
      coffee-script-source
      execjs
    coffee-script-source (1.12.2)
    execjs (2.7.0)
    ffi (1.9.18)
    filewatcher (0.5.4)
      trollop (~> 2.0)
    graph (2.8.2)
    haml (4.0.7)
      tilt
    mini_portile2 (2.2.0)
    minitest (5.10.3)
    nokogiri (1.8.0)
      mini_portile2 (~> 2.2.0)
    rb-fsevent (0.10.2)
    rb-inotify (0.9.10)
      ffi (>= 0.5.0, < 2)
    sass (3.5.1)
      sass-listen (~> 4.0.0)
    sass-listen (4.0.0)
      rb-fsevent (~> 0.9, >= 0.9.4)
      rb-inotify (~> 0.9, >= 0.9.7)
    thor (0.20.0)
    tilt (2.0.8)
    trollop (2.1.2)
    twee2 (0.5.0)
      builder (~> 3.2, >= 3.2.2)
      bundler (~> 1.6)
      coffee-script (~> 2.4, >= 2.4.1)
      coffee-script-source (~> 1.9, >= 1.9.1.1)
      execjs (~> 2.6, >= 2.6.0)
      filewatcher (~> 0.5, >= 0.5.2)
      haml (~> 4.0, >= 4.0.7)
      nokogiri (~> 1.6, >= 1.6.6.2)
      sass (~> 3.2, >= 3.2.19)
      thor (~> 0.19, >= 0.19.1)
      tilt (~> 2.0, >= 2.0.1)
      trollop (~> 2.1, >= 2.1.2)

PLATFORMS
  ruby

DEPENDENCIES
  graph
  minitest
  twee2

BUNDLED WITH
   1.16.0.pre.2
